GEM
  remote: https://rubygems.org/
  specs:
    activesupport (4.0.2)
      i18n (~> 0.6, >= 0.6.4)
      minitest (~> 4.2)
      multi_json (~> 1.3)
      thread_safe (~> 0.1)
      tzinfo (~> 0.3.37)
    addressable (2.3.5)
    atomic (1.1.14)
    backports (3.4.0)
    bcrypt-ruby (3.1.2)
    cancan (1.6.10)
    coderay (1.1.0)
    daemons (1.1.9)
    data_objects (0.10.13)
      addressable (~> 2.1)
    database_cleaner (1.2.0)
    dm-aggregates (1.2.0)
      dm-core (~> 1.2.0)
    dm-core (1.2.1)
      addressable (~> 2.3)
    dm-do-adapter (1.2.0)
      data_objects (~> 0.10.6)
      dm-core (~> 1.2.0)
    dm-migrations (1.2.0)
      dm-core (~> 1.2.0)
    dm-sqlite-adapter (1.2.0)
      dm-do-adapter (~> 1.2.0)
      do_sqlite3 (~> 0.10.6)
    dm-timestamps (1.2.0)
      dm-core (~> 1.2.0)
    dm-types (1.2.2)
      bcrypt-ruby (~> 3.0)
      dm-core (~> 1.2.0)
      fastercsv (~> 1.5)
      json (~> 1.6)
      multi_json (~> 1.0)
      stringex (~> 1.4)
      uuidtools (~> 2.1)
    dm-validations (1.2.0)
      dm-core (~> 1.2.0)
    do_sqlite3 (0.10.13)
      data_objects (= 0.10.13)
    eventmachine (1.0.3)
    factory_girl (4.3.0)
      activesupport (>= 3.0.0)
    fastercsv (1.5.5)
    ffaker (1.22.1)
    i18n (0.6.9)
    interception (0.3)
    json (1.8.1)
    little-plugger (1.1.3)
    logging (1.8.1)
      little-plugger (>= 1.1.3)
      multi_json (>= 1.3.6)
    method_source (0.8.2)
    minitest (4.7.5)
    moneta (0.7.20)
    multi_json (1.8.4)
    pry (0.9.12.4)
      coderay (~> 1.0)
      method_source (~> 0.8)
      slop (~> 3.4)
    pry-rescue (1.2.0)
      interception (>= 0.3)
      pry
    rack (1.5.2)
    rack-contrib (1.1.0)
      rack (>= 0.9.1)
    rack-protection (1.5.2)
      rack
    rack-test (0.6.2)
      rack (>= 1.0)
    sinatra (1.4.4)
      rack (~> 1.4)
      rack-protection (~> 1.4)
      tilt (~> 1.3, >= 1.3.4)
    sinatra-can (0.2.1)
      cancan (>= 1.6.0)
      sinatra (>= 1.0.0)
    sinatra-contrib (1.4.2)
      backports (>= 2.0)
      multi_json
      rack-protection
      rack-test
      sinatra (~> 1.4.0)
      tilt (~> 1.3)
    sinatra-flash (0.3.0)
      sinatra (>= 1.0.0)
    slim (2.0.2)
      temple (~> 0.6.6)
      tilt (>= 1.3.3, < 2.1)
    slop (3.4.7)
    stringex (1.5.1)
    temple (0.6.7)
    thin (1.6.1)
      daemons (>= 1.0.9)
      eventmachine (>= 1.0.0)
      rack (>= 1.0.0)
    thread_safe (0.1.3)
      atomic
    tilt (1.4.1)
    tzinfo (0.3.38)
    uuidtools (2.1.4)

PLATFORMS
  ruby

DEPENDENCIES
  bcrypt-ruby
  database_cleaner
  dm-aggregates
  dm-migrations
  dm-sqlite-adapter
  dm-timestamps
  dm-types
  dm-validations
  eventmachine
  factory_girl
  ffaker
  i18n
  logging
  moneta
  pry
  pry-rescue
  rack-contrib
  rack-protection
  sinatra
  sinatra-can
  sinatra-contrib
  sinatra-flash
  slim
  thin
